PATH
  remote: .
  specs:
    i18n_inspector_rails (0.0.1)
      i18n_inspector

GEM
  remote: https://rubygems.org/
  specs:
    diff-lcs (1.1.3)
    i18n_inspector (0.1.0)
    rspec (2.11.0)
      rspec-core (~> 2.11.0)
      rspec-expectations (~> 2.11.0)
      rspec-mocks (~> 2.11.0)
    rspec-core (2.11.1)
    rspec-expectations (2.11.3)
      diff-lcs (~> 1.1.3)
    rspec-mocks (2.11.3)

PLATFORMS
  ruby

DEPENDENCIES
  i18n_inspector_rails!
  rspec
